GIT
  remote: https://github.com/ridewithgps/tracklib
  revision: 60521676d222fad5f4d6322b86f34732f4a5f25b
  branch: tracklib2
  glob: ruby_tracklib/*.gemspec
  specs:
    tracklib (2.0.0)
      rutie (~> 0.0.4)

PATH
  remote: .
  specs:
    tracklib_rwgps (2.0.0)
      rake (~> 12.3)
      rspec
      rutie (~> 0.0.4)

GEM
  remote: https://rubygems.org/
  specs:
    diff-lcs (1.5.0)
    rake (12.3.3)
    rspec (3.12.0)
      rspec-core (~> 3.12.0)
      rspec-expectations (~> 3.12.0)
      rspec-mocks (~> 3.12.0)
    rspec-core (3.12.2)
      rspec-support (~> 3.12.0)
    rspec-expectations (3.12.3)
      diff-lcs (>= 1.2.0, < 2.0)
      rspec-support (~> 3.12.0)
    rspec-mocks (3.12.6)
      diff-lcs (>= 1.2.0, < 2.0)
      rspec-support (~> 3.12.0)
    rspec-support (3.12.1)
    rutie (0.0.4)

PLATFORMS
  ruby

DEPENDENCIES
  tracklib!
  tracklib_rwgps!

BUNDLED WITH
   2.1.4
