PATH
  remote: ../tracklib/ruby_tracklib2
  specs:
    tracklib (0.1.0)
      rutie (~> 0.0.4)

PATH
  remote: .
  specs:
    tracklib-rwgps (0.1.0)
      rutie (~> 0.0.4)

GEM
  remote: https://rubygems.org/
  specs:
    diff-lcs (1.5.0)
    rspec (3.11.0)
      rspec-core (~> 3.11.0)
      rspec-expectations (~> 3.11.0)
      rspec-mocks (~> 3.11.0)
    rspec-core (3.11.0)
      rspec-support (~> 3.11.0)
    rspec-expectations (3.11.0)
      diff-lcs (>= 1.2.0, < 2.0)
      rspec-support (~> 3.11.0)
    rspec-mocks (3.11.1)
      diff-lcs (>= 1.2.0, < 2.0)
      rspec-support (~> 3.11.0)
    rspec-support (3.11.0)
    rutie (0.0.4)

PLATFORMS
  ruby

DEPENDENCIES
  rspec
  tracklib!
  tracklib-rwgps!

BUNDLED WITH
   2.1.4
